PATH
  remote: .
  specs:
    metasploit-framework (4.17.40)
      actionpack (~> 4.2.6)
      activerecord (~> 4.2.6)
      activesupport (~> 4.2.6)
      backports
      bcrypt
      bcrypt_pbkdf
      bit-struct
      concurrent-ruby (= 1.0.5)
      dnsruby
      ed25519
      faker
      filesize
      jsobfu
      json
      metasm
      metasploit-concern
      metasploit-credential (< 3.0.0)
      metasploit-model
      metasploit-payloads (= 1.3.61)
      metasploit_data_models (< 3.0.0)
      metasploit_payloads-mettle (= 0.5.7)
      mqtt
      msgpack
      nessus_rest
      net-ssh
      network_interface
      nexpose
      nokogiri
      octokit
      openssl-ccm
      openvas-omp
      packetfu
      patch_finder
      pcaprub
      pdf-reader
      pg (= 0.20.0)
      railties
      rb-readline
      recog
      redcarpet
      rex-arch
      rex-bin_tools
      rex-core
      rex-encoder
      rex-exploitation
      rex-java
      rex-mime
      rex-nop
      rex-ole
      rex-powershell
      rex-random_identifier
      rex-registry
      rex-rop_builder
      rex-socket
      rex-sslscan
      rex-struct2
      rex-text
      rex-zip
      ruby-macho
      ruby_smb
      rubyntlm
      rubyzip
      sqlite3
      sshkey
      tzinfo
      tzinfo-data
      windows_error
      xdr
      xmlrpc

GEM
  remote: https://rubygems.org/
  specs:
    Ascii85 (1.0.3)
    actionpack (4.2.11)
      actionview (= 4.2.11)
      activesupport (= 4.2.11)
      rack (~> 1.6)
      rack-test (~> 0.6.2)
      rails-dom-testing (~> 1.0, >= 1.0.5)
      rails-html-sanitizer (~> 1.0, >= 1.0.2)
    actionview (4.2.11)
      activesupport (= 4.2.11)
      builder (~> 3.1)
      erubis (~> 2.7.0)
      rails-dom-testing (~> 1.0, >= 1.0.5)
      rails-html-sanitizer (~> 1.0, >= 1.0.3)
    activemodel (4.2.11)
      activesupport (= 4.2.11)
      builder (~> 3.1)
    activerecord (4.2.11)
      activemodel (= 4.2.11)
      activesupport (= 4.2.11)
      arel (~> 6.0)
    activesupport (4.2.11)
      i18n (~> 0.7)
      minitest (~> 5.1)
      thread_safe (~> 0.3, >= 0.3.4)
      tzinfo (~> 1.1)
    addressable (2.5.2)
      public_suffix (>= 2.0.2, < 4.0)
    afm (0.2.2)
    arel (6.0.4)
    arel-helpers (2.8.0)
      activerecord (>= 3.1.0, < 6)
    backports (3.11.4)
    bcrypt (3.1.12)
    bcrypt_pbkdf (1.0.0)
    bindata (2.4.4)
    bit-struct (0.16)
    builder (3.2.3)
    coderay (1.1.2)
    concurrent-ruby (1.0.5)
    crass (1.0.4)
    diff-lcs (1.3)
    dnsruby (1.61.2)
      addressable (~> 2.5)
    docile (1.3.1)
    ed25519 (1.2.4)
    erubis (2.7.0)
    factory_girl (4.9.0)
      activesupport (>= 3.0.0)
    factory_girl_rails (4.9.0)
      factory_girl (~> 4.9.0)
      railties (>= 3.0.0)
    faker (1.9.1)
      i18n (>= 0.7)
    faraday (0.15.4)
      multipart-post (>= 1.2, < 3)
    filesize (0.2.0)
    fivemat (1.3.7)
    hashery (2.1.2)
    i18n (0.9.5)
      concurrent-ruby (~> 1.0)
    jsobfu (0.4.2)
      rkelly-remix
    json (2.1.0)
    loofah (2.2.3)
      crass (~> 1.0.2)
      nokogiri (>= 1.5.9)
    metasm (1.0.3)
    metasploit-concern (2.0.5)
      activemodel (~> 4.2.6)
      activesupport (~> 4.2.6)
      railties (~> 4.2.6)
    metasploit-credential (2.0.14)
      metasploit-concern
      metasploit-model
      metasploit_data_models (< 3.0.0)
      pg
      railties
      rex-socket
      rubyntlm
      rubyzip
    metasploit-model (2.0.4)
      activemodel (~> 4.2.6)
      activesupport (~> 4.2.6)
      railties (~> 4.2.6)
    metasploit-payloads (1.3.61)
    metasploit_data_models (2.0.16)
      activerecord (~> 4.2.6)
      activesupport (~> 4.2.6)
      arel-helpers
      metasploit-concern
      metasploit-model
      pg (= 0.20.0)
      postgres_ext
      railties (~> 4.2.6)
      recog (~> 2.0)
    metasploit_payloads-mettle (0.5.7)
    method_source (0.9.2)
    mini_portile2 (2.4.0)
    minitest (5.11.3)
    mqtt (0.5.0)
    msgpack (1.2.6)
    multipart-post (2.0.0)
    nessus_rest (0.1.6)
    net-ssh (5.1.0)
    network_interface (0.0.2)
    nexpose (7.2.1)
    nokogiri (1.10.3)
      mini_portile2 (~> 2.4.0)
    octokit (4.13.0)
      sawyer (~> 0.8.0, >= 0.5.3)
    openssl-ccm (1.2.2)
    openvas-omp (0.0.4)
    packetfu (1.1.13)
      pcaprub
    patch_finder (1.0.2)
    pcaprub (0.13.0)
    pdf-reader (2.2.0)
      Ascii85 (~> 1.0.0)
      afm (~> 0.2.1)
      hashery (~> 2.0)
      ruby-rc4
      ttfunk
    pg (0.20.0)
    pg_array_parser (0.0.9)
    postgres_ext (3.0.1)
      activerecord (~> 4.0)
      arel (>= 4.0.1)
      pg_array_parser (~> 0.0.9)
    pry (0.12.2)
      coderay (~> 1.1.0)
      method_source (~> 0.9.0)
    public_suffix (3.0.3)
    rack (1.6.11)
    rack-test (0.6.3)
      rack (>= 1.0)
    rails-deprecated_sanitizer (1.0.3)
      activesupport (>= 4.2.0.alpha)
    rails-dom-testing (1.0.9)
      activesupport (>= 4.2.0, < 5.0)
      nokogiri (~> 1.6)
      rails-deprecated_sanitizer (>= 1.0.1)
    rails-html-sanitizer (1.0.4)
      loofah (~> 2.2, >= 2.2.2)
    railties (4.2.11)
      actionpack (= 4.2.11)
      activesupport (= 4.2.11)
      rake (>= 0.8.7)
      thor (>= 0.18.1, < 2.0)
    rake (12.3.2)
    rb-readline (0.5.5)
    recog (2.1.45)
      nokogiri
    redcarpet (3.4.0)
    rex-arch (0.1.13)
      rex-text
    rex-bin_tools (0.1.6)
      metasm
      rex-arch
      rex-core
      rex-struct2
      rex-text
    rex-core (0.1.13)
    rex-encoder (0.1.4)
      metasm
      rex-arch
      rex-text
    rex-exploitation (0.1.20)
      jsobfu
      metasm
      rex-arch
      rex-encoder
      rex-text
    rex-java (0.1.5)
    rex-mime (0.1.5)
      rex-text
    rex-nop (0.1.1)
      rex-arch
    rex-ole (0.1.6)
      rex-text
    rex-powershell (0.1.79)
      rex-random_identifier
      rex-text
    rex-random_identifier (0.1.4)
      rex-text
    rex-registry (0.1.3)
    rex-rop_builder (0.1.3)
      metasm
      rex-core
      rex-text
    rex-socket (0.1.15)
      rex-core
    rex-sslscan (0.1.5)
      rex-core
      rex-socket
      rex-text
    rex-struct2 (0.1.2)
    rex-text (0.2.21)
    rex-zip (0.1.3)
      rex-text
    rkelly-remix (0.0.7)
    rspec (3.8.0)
      rspec-core (~> 3.8.0)
      rspec-expectations (~> 3.8.0)
      rspec-mocks (~> 3.8.0)
    rspec-core (3.8.0)
      rspec-support (~> 3.8.0)
    rspec-expectations (3.8.2)
      diff-lcs (>= 1.2.0, < 2.0)
      rspec-support (~> 3.8.0)
    rspec-mocks (3.8.0)
      diff-lcs (>= 1.2.0, < 2.0)
      rspec-support (~> 3.8.0)
    rspec-rails (3.8.2)
      actionpack (>= 3.0)
      activesupport (>= 3.0)
      railties (>= 3.0)
      rspec-core (~> 3.8.0)
      rspec-expectations (~> 3.8.0)
      rspec-mocks (~> 3.8.0)
      rspec-support (~> 3.8.0)
    rspec-rerun (1.1.0)
      rspec (~> 3.0)
    rspec-support (3.8.0)
    ruby-macho (2.1.0)
    ruby-rc4 (0.1.5)
    ruby_smb (1.0.5)
      bindata
      rubyntlm
      windows_error
    rubyntlm (0.6.2)
    rubyzip (1.2.2)
    sawyer (0.8.1)
      addressable (>= 2.3.5, < 2.6)
      faraday (~> 0.8, < 1.0)
    simplecov (0.16.1)
      docile (~> 1.1)
      json (>= 1.8, < 3)
      simplecov-html (~> 0.10.0)
    simplecov-html (0.10.2)
    sqlite3 (1.3.13)
    sshkey (1.9.0)
    thor (0.20.3)
    thread_safe (0.3.6)
    timecop (0.9.1)
    ttfunk (1.5.1)
    tzinfo (1.2.5)
      thread_safe (~> 0.1)
    tzinfo-data (1.2018.9)
      tzinfo (>= 1.0.0)
    windows_error (0.1.2)
    xdr (2.0.0)
      activemodel (>= 4.2.7)
      activesupport (>= 4.2.7)
    xmlrpc (0.3.0)
    yard (0.9.18)

PLATFORMS
  ruby

DEPENDENCIES
  factory_girl_rails
  fivemat
  metasploit-framework!
  octokit
  pry
  rake
  redcarpet
  rspec-rails
  rspec-rerun
  simplecov
  sqlite3 (~> 1.3.0)
  timecop
  yard

BUNDLED WITH
   1.17.3
